GEM
  remote: https://rubygems.org/
  specs:
    actionmailer (4.1.16)
      actionpack (= 4.1.16)
      actionview (= 4.1.16)
      mail (~> 2.5, >= 2.5.4)
    actionpack (4.1.16)
      actionview (= 4.1.16)
      activesupport (= 4.1.16)
      rack (~> 1.5.2)
      rack-test (~> 0.6.2)
    actionpack-page_caching (1.1.1)
      actionpack (>= 4.0.0, < 6)
    actionview (4.1.16)
      activesupport (= 4.1.16)
      builder (~> 3.1)
      erubis (~> 2.7.0)
    activemodel (4.1.16)
      activesupport (= 4.1.16)
      builder (~> 3.1)
    activerecord (4.1.16)
      activemodel (= 4.1.16)
      activesupport (= 4.1.16)
      arel (~> 5.0.0)
    activerecord-deprecated_finders (1.0.4)
    activerecord-jdbc-adapter (1.3.25)
      activerecord (>= 2.2, < 5.0)
    activerecord-jdbcmysql-adapter (1.3.25)
      activerecord-jdbc-adapter (~> 1.3.25)
      jdbc-mysql (>= 5.1.22)
    activerecord-jdbcpostgresql-adapter (1.3.25)
      activerecord-jdbc-adapter (~> 1.3.25)
      jdbc-postgres (~> 9.1, <= 9.4.1206)
    activerecord-jdbcsqlite3-adapter (1.3.25)
      activerecord-jdbc-adapter (~> 1.3.25)
      jdbc-sqlite3 (>= 3.7.2, < 3.9)
    activesupport (4.1.16)
      i18n (~> 0.6, >= 0.6.9)
      json (~> 1.7, >= 1.7.7)
      minitest (~> 5.1)
      thread_safe (~> 0.1)
      tzinfo (~> 1.1)
    addressable (2.7.0)
      public_suffix (>= 2.0.2, < 5.0)
    airbrake (5.6.1)
      airbrake-ruby (~> 1.6)
    airbrake-ruby (1.8.0)
    arel (5.0.1.20140414130214)
    builder (3.2.4)
    capistrano (2.15.5)
      highline
      net-scp (>= 1.0.0)
      net-sftp (>= 2.0.0)
      net-ssh (>= 2.0.14)
      net-ssh-gateway (>= 1.1.0)
    capybara (2.18.0)
      addressable
      mini_mime (>= 0.1.3)
      nokogiri (>= 1.3.3)
      rack (>= 1.0.0)
      rack-test (>= 0.5.4)
      xpath (>= 2.0, < 4.0)
    coffee-rails (4.2.2)
      coffee-script (>= 2.2.0)
      railties (>= 4.0.0)
    coffee-script (2.4.1)
      coffee-script-source
      execjs
    coffee-script-source (1.12.2)
    concurrent-ruby (1.1.8)
    database_cleaner (1.4.1)
    dynamic_form (1.1.4)
    erubis (2.7.0)
    execjs (2.7.0)
    factory_girl (4.5.0)
      activesupport (>= 3.0.0)
    factory_girl_rails (4.5.0)
      factory_girl (~> 4.5.0)
      railties (>= 3.0.0)
    ffi (1.14.2-java)
    haml (4.0.6)
      tilt
    handle_invalid_percent_encoding_requests (1.1.0)
      rack-utf8_sanitizer
      rails (>= 3.1)
    highline (1.7.2)
    hike (1.2.3)
    i18n (0.9.5)
      concurrent-ruby (~> 1.0)
    jdbc-mysql (5.1.47)
    jdbc-postgres (9.4.1206)
    jdbc-sqlite3 (3.8.11.2)
    jquery-rails (3.1.3)
      railties (>= 3.0, < 5.0)
      thor (>= 0.14, < 2.0)
    jruby-jars (9.1.17.0)
    jruby-rack (1.1.21)
    json (1.8.6-java)
    mail (2.7.1)
      mini_mime (>= 0.1.1)
    metaclass (0.0.4)
    mini_mime (1.0.2)
    minitest (5.14.3)
    mocha (1.1.0)
      metaclass (~> 0.0.1)
    multi_json (1.15.0)
    net-scp (1.2.1)
      net-ssh (>= 2.6.5)
    net-sftp (2.1.2)
      net-ssh (>= 2.6.5)
    net-ssh (2.9.2)
    net-ssh-gateway (1.2.0)
      net-ssh (>= 2.6.5)
    nokogiri (1.10.10-java)
    power_assert (1.2.0)
    prototype-rails (4.0.1)
      rails (~> 4.0)
    public_suffix (4.0.6)
    puma (2.12.2-java)
    rack (1.5.5)
    rack-attack (4.4.1)
      rack
    rack-test (0.6.3)
      rack (>= 1.0)
    rack-utf8_sanitizer (1.7.0)
      rack (>= 1.0, < 3.0)
    rails (4.1.16)
      actionmailer (= 4.1.16)
      actionpack (= 4.1.16)
      actionview (= 4.1.16)
      activemodel (= 4.1.16)
      activerecord (= 4.1.16)
      activesupport (= 4.1.16)
      bundler (>= 1.3.0, < 2.0)
      railties (= 4.1.16)
      sprockets-rails (~> 2.0)
    railties (4.1.16)
      actionpack (= 4.1.16)
      activesupport (= 4.1.16)
      rake (>= 0.8.7)
      thor (>= 0.18.1, < 2.0)
    rake (13.0.3)
    rb-fsevent (0.10.4)
    rb-inotify (0.10.1)
      ffi (~> 1.0)
    rr (1.2.1)
    rubyzip (1.2.1)
    sass (3.7.4)
      sass-listen (~> 4.0.0)
    sass-listen (4.0.0)
      rb-fsevent (~> 0.9, >= 0.9.4)
      rb-inotify (~> 0.9, >= 0.9.7)
    sass-rails (4.0.1)
      railties (>= 4.0.0, < 5.0)
      sass (>= 3.1.10)
      sprockets-rails (~> 2.0.0)
    shoulda (3.6.0)
      shoulda-context (~> 1.0, >= 1.0.1)
      shoulda-matchers (~> 3.0)
    shoulda-context (1.2.2)
    shoulda-matchers (3.1.3)
      activesupport (>= 4.0.0)
    silencer (1.0.1)
    sprockets (2.12.5)
      hike (~> 1.2)
      multi_json (~> 1.0)
      rack (~> 1.0)
      tilt (~> 1.1, != 1.3.0)
    sprockets-rails (2.0.1)
      actionpack (>= 3.0)
      activesupport (>= 3.0)
      sprockets (~> 2.8)
    sucker_punch (2.1.2)
      concurrent-ruby (~> 1.0)
    test-unit (3.3.9)
      power_assert
    test-unit-activesupport (1.0.9)
      activesupport
      test-unit
    test-unit-capybara (1.0.9)
      capybara (>= 2.1.0)
      json
      test-unit (>= 2.5.3)
    test-unit-notify (1.0.4)
      test-unit (>= 2.4.9)
    test-unit-rails (1.0.4)
      rails
      test-unit-activesupport (>= 1.0.2)
      test-unit-capybara
      test-unit-notify
      test-unit-rr
    test-unit-rr (1.0.5)
      rr (>= 1.1.1)
      test-unit (>= 2.5.2)
    test_after_commit (0.4.1)
      activerecord (>= 3.2)
    therubyrhino (2.0.4)
      therubyrhino_jar (>= 1.7.3)
    therubyrhino_jar (1.7.6)
    thor (1.1.0)
    thread_safe (0.3.6-java)
    tilt (1.4.1)
    tzinfo (1.2.9)
      thread_safe (~> 0.1)
    tzinfo-data (1.2020.6)
      tzinfo (>= 1.0.0)
    uglifier (2.2.1)
      execjs (>= 0.3.0)
      multi_json (~> 1.0, >= 1.0.2)
    warbler (2.0.5)
      jruby-jars (>= 9.0.0.0)
      jruby-rack (>= 1.1.1, < 1.3)
      rake (>= 10.1.0)
      rubyzip (~> 1.0, < 1.4)
    with_advisory_lock (3.0.0)
      activerecord (>= 3.2)
      thread_safe
    xpath (3.2.0)
      nokogiri (~> 1.8)
    zip-zip (0.3)
      rubyzip (>= 1.0.0)

PLATFORMS
  java

DEPENDENCIES
  actionpack-page_caching
  activerecord-deprecated_finders
  activerecord-jdbc-adapter (~> 1.3.25)
  activerecord-jdbcmysql-adapter (~> 1.3.25)
  activerecord-jdbcpostgresql-adapter (~> 1.3.25)
  activerecord-jdbcsqlite3-adapter (~> 1.3.25)
  airbrake (~> 5.6.1)
  capistrano (~> 2.15.0)
  coffee-rails (~> 4)
  database_cleaner
  dynamic_form
  factory_girl (>= 2.6.4)
  factory_girl_rails (>= 1.2)
  haml (= 4.0.6)
  handle_invalid_percent_encoding_requests
  jdbc-sqlite3 (>= 3.7.2)
  jquery-rails
  jruby-jars (= 9.1.17.0)
  json (>= 1.6.6)
  mocha (~> 1.1.0)
  prototype-rails
  puma
  rack (>= 1.1.0)
  rack-attack (~> 4.0)
  rails (~> 4.1.16)
  rake
  rubyzip (~> 1.0)
  sass
  sass-rails (~> 4)
  shoulda
  shoulda-context
  shoulda-matchers
  silencer
  sucker_punch (~> 2.0)
  test-unit-rails (= 1.0.4)
  test_after_commit (= 0.4.1)
  therubyrhino
  tzinfo-data
  uglifier (>= 1.0.3)
  warbler (~> 2.0)
  with_advisory_lock (~> 3.0.0)
  zip-zip

RUBY VERSION
   ruby 2.3.3p0 (jruby 9.1.17.0)

BUNDLED WITH
   1.17.3
